GIT
  remote: git://github.com/nadarei/mina.git
  revision: 8248fba1222ac4da7f73d422c9a71e99e23df957
  specs:
    mina (0.2.1)
      open4
      rake

GIT
  remote: https://5a46b48f3664e53f78b41d5cdbfe3b31a2d82b4d:x-oauth-basic@github.com/stas/coursewareable.git
  revision: 77282e29d3cda4e4ac69988f6370e1adc667e3cf
  specs:
    coursewareable (0.0.1)
      cancan
      friendly_id
      paperclip
      public_activity
      sanitize
      sorcery (>= 0.8)

GEM
  remote: https://rubygems.org/
  specs:
    actionmailer (3.2.13)
      actionpack (= 3.2.13)
      mail (~> 2.5.3)
    actionpack (3.2.13)
      activemodel (= 3.2.13)
      activesupport (= 3.2.13)
      builder (~> 3.0.0)
      erubis (~> 2.7.0)
      journey (~> 1.0.4)
      rack (~> 1.4.5)
      rack-cache (~> 1.2)
      rack-test (~> 0.6.1)
      sprockets (~> 2.2.1)
    active_model_serializers (0.8.1)
      activemodel (>= 3.0)
    activemodel (3.2.13)
      activesupport (= 3.2.13)
      builder (~> 3.0.0)
    activerecord (3.2.13)
      activemodel (= 3.2.13)
      activesupport (= 3.2.13)
      arel (~> 3.0.2)
      tzinfo (~> 0.3.29)
    activesupport (3.2.13)
      i18n (= 0.6.1)
      multi_json (~> 1.0)
    arel (3.0.2)
    bcrypt-ruby (3.0.1)
    builder (3.0.4)
    cancan (1.6.10)
    cane (2.5.2)
      parallel
    climate_control (0.0.3)
      activesupport (>= 3.0)
    cocaine (0.5.1)
      climate_control (>= 0.0.3, < 1.0)
    coderay (1.0.9)
    database_cleaner (0.9.1)
    delayed_job (3.0.5)
      activesupport (~> 3.0)
    delayed_job_active_record (0.4.4)
      activerecord (>= 2.1.0, < 4)
      delayed_job (~> 3.0)
    diff-lcs (1.1.3)
    doorkeeper (0.6.7)
      railties (~> 3.1)
    erubis (2.7.0)
    fabrication (2.7.0)
    faraday (0.8.7)
      multipart-post (~> 1.1)
    ffaker (1.16.1)
    ffi (1.8.1)
    formatador (0.2.4)
    friendly_id (4.0.9)
    github-markup (0.7.5)
    github_api (0.9.7)
      faraday (~> 0.8.1)
      hashie (>= 1.2)
      multi_json (~> 1.4)
      nokogiri (~> 1.5.2)
      oauth2
    guard (1.8.0)
      formatador (>= 0.2.4)
      listen (>= 1.0.0)
      lumberjack (>= 1.0.2)
      pry (>= 0.9.10)
      thor (>= 0.14.6)
    guard-rspec (2.5.4)
      guard (>= 1.1)
      rspec (~> 2.11)
    hashie (2.0.4)
    hike (1.2.2)
    httpauth (0.2.0)
    i18n (0.6.1)
    journey (1.0.4)
    json (1.7.7)
    jwt (0.1.8)
      multi_json (>= 1.5)
    listen (1.0.3)
      rb-fsevent (>= 0.9.3)
      rb-inotify (>= 0.9)
      rb-kqueue (>= 0.2)
    lumberjack (1.0.3)
    mail (2.5.3)
      i18n (>= 0.4.0)
      mime-types (~> 1.16)
      treetop (~> 1.4.8)
    method_source (0.8.1)
    mime-types (1.23)
    multi_json (1.7.3)
    multipart-post (1.2.0)
    nokogiri (1.5.9)
    oauth (0.4.7)
    oauth2 (0.8.1)
      faraday (~> 0.8)
      httpauth (~> 0.1)
      jwt (~> 0.1.4)
      multi_json (~> 1.0)
      rack (~> 1.2)
    oj (2.0.12)
    open4 (1.3.0)
    paperclip (3.4.1)
      activemodel (>= 3.0.0)
      activerecord (>= 3.0.0)
      activesupport (>= 3.0.0)
      cocaine (~> 0.5.0)
      mime-types
    parallel (0.6.4)
    party_foul (1.2.2)
      github_api (~> 0.9)
    pg (0.15.1)
    polyglot (0.3.3)
    pry (0.9.12.1)
      coderay (~> 1.0.5)
      method_source (~> 0.8)
      slop (~> 3.4)
    pry-rails (0.3.0)
      pry (>= 0.9.10)
    public_activity (1.0.3)
      actionpack (~> 3.0)
      activesupport (~> 3.0)
      i18n (>= 0.5.0)
      railties (~> 3.0)
    puma (2.0.1)
      rack (>= 1.1, < 2.0)
    rack (1.4.5)
    rack-cache (1.2)
      rack (>= 0.4)
    rack-cors (0.2.8)
      rack
    rack-ssl (1.3.3)
      rack
    rack-test (0.6.2)
      rack (>= 1.0)
    rails-api (0.1.0)
      actionpack (>= 3.2.11)
      railties (>= 3.2.11)
      tzinfo (~> 0.3.31)
    railties (3.2.13)
      actionpack (= 3.2.13)
      activesupport (= 3.2.13)
      rack-ssl (~> 1.3.2)
      rake (>= 0.8.7)
      rdoc (~> 3.4)
      thor (>= 0.14.6, < 2.0)
    rake (10.0.4)
    rb-fsevent (0.9.3)
    rb-inotify (0.9.0)
      ffi (>= 0.5.0)
    rb-kqueue (0.2.0)
      ffi (>= 0.5.0)
    rdoc (3.12.2)
      json (~> 1.4)
    redcarpet (2.2.2)
    rspec (2.12.0)
      rspec-core (~> 2.12.0)
      rspec-expectations (~> 2.12.0)
      rspec-mocks (~> 2.12.0)
    rspec-core (2.12.2)
    rspec-expectations (2.12.1)
      diff-lcs (~> 1.1.3)
    rspec-mocks (2.12.2)
    rspec-rails (2.12.0)
      actionpack (>= 3.0)
      activesupport (>= 3.0)
      railties (>= 3.0)
      rspec-core (~> 2.12.0)
      rspec-expectations (~> 2.12.0)
      rspec-mocks (~> 2.12.0)
    sanitize (2.0.3)
      nokogiri (>= 1.4.4, < 1.6)
    seedbank (0.2.1)
    simplecov (0.7.1)
      multi_json (~> 1.0)
      simplecov-html (~> 0.7.1)
    simplecov-html (0.7.1)
    slop (3.4.4)
    sorcery (0.8.1)
      bcrypt-ruby (~> 3.0.0)
      oauth (~> 0.4.4)
      oauth2 (~> 0.8.0)
    sprockets (2.2.2)
      hike (~> 1.2)
      multi_json (~> 1.0)
      rack (~> 1.0)
      tilt (~> 1.1, != 1.3.0)
    sqlite3 (1.3.7)
    thor (0.18.1)
    tilt (1.4.1)
    treetop (1.4.12)
      polyglot
      polyglot (>= 0.3.1)
    tzinfo (0.3.37)
    yard (0.8.6.1)

PLATFORMS
  ruby

DEPENDENCIES
  actionmailer
  active_model_serializers
  cane
  coursewareable!
  database_cleaner
  delayed_job_active_record
  doorkeeper
  fabrication
  ffaker
  github-markup
  guard-rspec
  mina!
  multi_json
  oj
  party_foul
  pg
  pry-rails
  puma
  rack-cors
  rails-api
  rb-inotify
  redcarpet
  rspec-rails (= 2.12.0)
  seedbank
  simplecov
  sqlite3
  yard
